PATH
  remote: .
  specs:
    motion-toast (0.1.0)

GEM
  remote: https://rubygems.org/
  specs:
    rake (10.4.2)

PLATFORMS
  ruby

DEPENDENCIES
  motion-toast!
  rake (~> 10.0)
